GEM
  remote: https://rubygems.org/
  specs:
    addressable (2.3.6)
    backports (3.6.1)
    css_parser (1.3.5)
      addressable
    hpricot (0.8.6)
    htmlentities (4.3.2)
    json (1.8.1)
    logger (1.2.8)
    mail (2.6.1)
      mime-types (>= 1.16, < 3)
    mime-types (2.3)
    multi_json (1.10.1)
    netrc (0.7.7)
    premailer (1.8.2)
      css_parser (>= 1.3.5)
      htmlentities (>= 4.0.0)
    rack (1.5.2)
    rack-protection (1.5.3)
      rack
    rack-test (0.6.2)
      rack (>= 1.0)
    rest-client (1.7.2)
      mime-types (>= 1.16, < 3.0)
      netrc (~> 0.7)
    rubysl-securerandom (2.0.0)
    sinatra (1.4.5)
      rack (~> 1.4)
      rack-protection (~> 1.4)
      tilt (~> 1.3, >= 1.3.4)
    sinatra-contrib (1.4.2)
      backports (>= 2.0)
      multi_json
      rack-protection
      rack-test
      sinatra (~> 1.4.0)
      tilt (~> 1.3)
    sinatra-cross_origin (0.3.2)
    sqlite3 (1.3.9)
    tilt (1.4.1)
    xxhash (0.2.0)

PLATFORMS
  ruby

DEPENDENCIES
  hpricot
  json
  logger
  mail
  premailer
  rest-client
  rubysl-securerandom
  sinatra
  sinatra-contrib
  sinatra-cross_origin
  sqlite3
  xxhash
